GEM
  remote: https://rubygems.org/
  specs:
    coderay (1.1.1)
    fibonacci (0.1.8)
    method_source (0.8.2)
    pry (0.10.4)
      coderay (~> 1.1.0)
      method_source (~> 0.8.1)
      slop (~> 3.4)
    slop (3.6.0)

PLATFORMS
  ruby

DEPENDENCIES
  fibonacci (~> 0.1.8)
  pry (~> 0.10.3)

BUNDLED WITH
   1.14.6
